GEM
  remote: https://rubygems.org/
  specs:
    faraday (0.12.0.1)
      multipart-post (>= 1.2, < 3)
    multipart-post (2.0.0)
    puma (3.8.2)
    rack (2.0.1)
    rack-app (6.4.1)
      rack

PLATFORMS
  ruby

DEPENDENCIES
  faraday
  puma
  rack-app

BUNDLED WITH
   1.14.6
